GEM
  remote: https://rubygems.org/
  specs:
    blankslate (3.1.3)
    coderay (1.0.9)
    ffi (1.12.2)
    formatador (0.2.4)
    guard (1.8.2)
      formatador (>= 0.2.4)
      listen (>= 1.0.0)
      lumberjack (>= 1.0.2)
      pry (>= 0.9.10)
      thor (>= 0.14.6)
    guard-rake (0.0.9)
      guard
      rake
    listen (1.2.2)
      rb-fsevent (>= 0.9.3)
      rb-inotify (>= 0.9)
      rb-kqueue (>= 0.2)
    lumberjack (1.0.4)
    method_source (0.8.2)
    parslet (1.7.0)
      blankslate (>= 2.0, <= 4.0)
    pry (0.9.12.2)
      coderay (~> 1.0.5)
      method_source (~> 0.8)
      slop (~> 3.4)
    rake (12.3.3)
    rb-fsevent (0.9.3)
    rb-inotify (0.9.0)
      ffi (>= 0.5.0)
    rb-kqueue (0.2.0)
      ffi (>= 0.5.0)
    slop (3.4.6)
    thor (0.18.1)
    vim-flavor (2.1.1)
      parslet (~> 1.0)
      thor (~> 0.14)

PLATFORMS
  ruby

DEPENDENCIES
  guard-rake
  rake
  vim-flavor (~> 2.1)
